PATH
  remote: .
  specs:
    thrift (0.20.0)

GEM
  remote: http://rubygems.org/
  specs:
    binding_of_caller (1.0.1)
      debug_inspector (>= 1.2.0)
    byebug (11.1.3)
    coderay (1.1.3)
    daemons (1.4.1)
    debug_inspector (1.2.0)
    diff-lcs (1.6.1)
    eventmachine (1.2.7)
    method_source (0.9.2)
    pry (0.11.3)
      coderay (~> 1.1.0)
      method_source (~> 0.9.0)
    pry-byebug (3.8.0)
      byebug (~> 11.0)
      pry (~> 0.10)
    pry-stack_explorer (0.4.9.3)
      binding_of_caller (>= 0.7)
      pry (>= 0.9.11)
    rack (2.2.6.4)
    rack-test (0.8.3)
      rack (>= 1.0, < 3)
    rake (12.3.3)
    rspec (3.13.0)
      rspec-core (~> 3.13.0)
      rspec-expectations (~> 3.13.0)
      rspec-mocks (~> 3.13.0)
    rspec-core (3.13.3)
      rspec-support (~> 3.13.0)
    rspec-expectations (3.13.3)
      diff-lcs (>= 1.2.0, < 2.0)
      rspec-support (~> 3.13.0)
    rspec-mocks (3.13.2)
      diff-lcs (>= 1.2.0, < 2.0)
      rspec-support (~> 3.13.0)
    rspec-support (3.13.2)
    srv (1.0.0)
      rack (>= 1.3.0)
    thin (1.8.2)
      daemons (~> 1.0, >= 1.0.9)
      eventmachine (~> 1.0, >= 1.0.4)
      rack (>= 1, < 3)

PLATFORMS
  arm64-darwin-23
  ruby

DEPENDENCIES
  bundler (>= 1.11)
  pry (~> 0.11.3)
  pry-byebug (~> 3.6)
  pry-stack_explorer (~> 0.4.9.2)
  rack (= 2.2.6.4)
  rack-test (~> 0.8.3)
  rake (~> 12.3)
  rspec (~> 3.7)
  srv (~> 1.0)
  thin (~> 1.7)
  thrift!

BUNDLED WITH
   2.6.6
